PATH
  remote: .
  specs:
    travishue (0.0.1)
      commander (~> 4.1.2)
      ruby-keychain
      term-ansicolor (~> 1.0.7)
      terminal-table (~> 1.4.5)

GEM
  remote: https://rubygems.org/
  specs:
    commander (4.1.5)
      highline (~> 1.6.11)
    corefoundation (0.1.4)
      ffi
    diff-lcs (1.2.5)
    ffi (1.9.3)
    highline (1.6.20)
    rake (10.1.1)
    rspec (2.14.1)
      rspec-core (~> 2.14.0)
      rspec-expectations (~> 2.14.0)
      rspec-mocks (~> 2.14.0)
    rspec-core (2.14.7)
    rspec-expectations (2.14.4)
      diff-lcs (>= 1.1.3, < 2.0)
    rspec-mocks (2.14.4)
    ruby-keychain (0.1.2)
      corefoundation (~> 0.1.3)
      ffi
    term-ansicolor (1.0.7)
    terminal-table (1.4.5)

PLATFORMS
  ruby

DEPENDENCIES
  rake
  rspec
  travishue!
